GIT
  remote: git://github.com/sporkrb/spork-rails.git
  revision: 3224f84d8c31fcb0894e9a43f6c3ac67e3aa0d71
  specs:
    spork-rails (3.2.1)
      rails (>= 3.0.0, < 5)
      spork (>= 1.0rc0)

GIT
  remote: git@git.library.nd.edu:assets
  revision: 98d6b5e88cca6b90c81aa15de3e5d8c98d379192
  specs:
    hesburgh_assets (0.0.1)
      coffee-rails (>= 3.2.1)
      jquery-rails (>= 2.1.4)
      rails (>= 3.2.13)
      sass-rails (>= 3.2.3)
      twitter-bootstrap-rails
      uglifier (>= 1.0.3)

GIT
  remote: git@git.library.nd.edu:hesburgh_infrastructure
  revision: 6d252a83d28b38f56181927c6356883bb1dec874
  specs:
    hesburgh_infrastructure (0.1.0)
      capistrano (~> 2.15.0)
      rails

GEM
  remote: https://rubygems.org/
  specs:
    actionmailer (4.2.10)
      actionpack (= 4.2.10)
      actionview (= 4.2.10)
      activejob (= 4.2.10)
      mail (~> 2.5, >= 2.5.4)
      rails-dom-testing (~> 1.0, >= 1.0.5)
    actionpack (4.2.10)
      actionview (= 4.2.10)
      activesupport (= 4.2.10)
      rack (~> 1.6)
      rack-test (~> 0.6.2)
      rails-dom-testing (~> 1.0, >= 1.0.5)
      rails-html-sanitizer (~> 1.0, >= 1.0.2)
    actionview (4.2.10)
      activesupport (= 4.2.10)
      builder (~> 3.1)
      erubis (~> 2.7.0)
      rails-dom-testing (~> 1.0, >= 1.0.5)
      rails-html-sanitizer (~> 1.0, >= 1.0.3)
    activejob (4.2.10)
      activesupport (= 4.2.10)
      globalid (>= 0.3.0)
    activemodel (4.2.10)
      activesupport (= 4.2.10)
      builder (~> 3.1)
    activerecord (4.2.10)
      activemodel (= 4.2.10)
      activesupport (= 4.2.10)
      arel (~> 6.0)
    activesupport (4.2.10)
      i18n (~> 0.7)
      minitest (~> 5.1)
      thread_safe (~> 0.3, >= 0.3.4)
      tzinfo (~> 1.1)
    acts-as-taggable-on (2.4.1)
      rails (>= 3, < 5)
    addressable (2.3.5)
    akami (1.2.0)
      gyoku (>= 0.4.0)
      nokogiri (>= 1.4.0)
    american_date (1.1.0)
    arel (6.0.4)
    awesome_print (1.1.0)
    backports (3.3.3)
    bcrypt (3.1.11)
    breach-mitigation-rails (0.0.3)
    builder (3.2.3)
    bullet (4.6.0)
      uniform_notifier
    capistrano (2.15.5)
      highline
      net-scp (>= 1.0.0)
      net-sftp (>= 2.0.0)
      net-ssh (>= 2.0.14)
      net-ssh-gateway (>= 1.1.0)
    capybara (2.1.0)
      mime-types (>= 1.16)
      nokogiri (>= 1.3.3)
      rack (>= 1.0.0)
      rack-test (>= 0.5.4)
      xpath (~> 2.0)
    childprocess (0.3.9)
      ffi (~> 1.0, >= 1.0.11)
    chronic (0.9.1)
    climate_control (0.2.0)
    cocaine (0.5.8)
      climate_control (>= 0.0.3, < 1.0)
    coderay (1.0.9)
    coffee-rails (4.0.0)
      coffee-script (>= 2.2.0)
      railties (>= 4.0.0.beta, < 5.0)
    coffee-script (2.2.0)
      coffee-script-source
      execjs
    coffee-script-source (1.6.3)
    concurrent-ruby (1.0.5)
    crack (0.4.0)
      safe_yaml (~> 0.9.0)
    crass (1.0.3)
    dalli (2.6.2)
    database_cleaner (1.0.1)
    descendants_tracker (0.0.1)
    devise (3.4.1)
      bcrypt (~> 3.0)
      orm_adapter (~> 0.1)
      railties (>= 3.2.6, < 5)
      responders
      thread_safe (~> 0.1)
      warden (~> 1.2.3)
    devise_cas_authenticatable (1.3.2)
      devise (>= 1.2.0)
      rubycas-client (>= 2.2.1)
    diff-lcs (1.2.4)
    draper (1.3.1)
      actionpack (>= 3.0)
      activemodel (>= 3.0)
      activesupport (>= 3.0)
      request_store (~> 1.0.3)
    em-websocket (0.5.0)
      eventmachine (>= 0.12.9)
      http_parser.rb (~> 0.5.3)
    erubis (2.7.0)
    ethon (0.7.1)
      ffi (>= 1.3.0)
    eventmachine (1.2.0.1)
    exception_notification (4.0.0)
      actionmailer (>= 3.0.4)
      activesupport (>= 3.0.4)
    excon (0.39.5)
    execjs (1.4.0)
      multi_json (~> 1.0)
    factory_girl (2.6.4)
      activesupport (>= 2.3.9)
    factory_girl_rails (1.7.0)
      factory_girl (~> 2.6.0)
      railties (>= 3.0.0)
    faker (1.1.2)
      i18n (~> 0.5)
    faraday (0.9.0)
      multipart-post (>= 1.2, < 3)
    faraday_middleware (0.9.1)
      faraday (>= 0.7.4, < 0.10)
    ffi (1.9.0)
    formatador (0.2.4)
    globalid (0.4.1)
      activesupport (>= 4.2.0)
    growl (1.0.3)
    growl-rspec (0.0.1)
      growl
      rspec
    guard (1.8.1)
      formatador (>= 0.2.4)
      listen (>= 1.0.0)
      lumberjack (>= 1.0.2)
      pry (>= 0.9.10)
      thor (>= 0.14.6)
    guard-bundler (1.0.0)
      bundler (~> 1.0)
      guard (~> 1.1)
    guard-coffeescript (1.3.2)
      coffee-script (>= 2.2.0)
      guard (>= 1.1.0)
    guard-livereload (1.4.0)
      em-websocket (>= 0.5.0)
      guard (>= 1.8.0)
      multi_json (~> 1.7)
    guard-rails (0.4.7)
      guard (>= 0.2.2)
    guard-rspec (3.0.2)
      guard (>= 1.8)
      rspec (~> 2.13)
    guard-shell (0.5.1)
      guard (>= 1.1.0)
    guard-spork (1.5.1)
      childprocess (>= 0.2.3)
      guard (>= 1.1)
      spork (>= 0.8.4)
    gyoku (1.0.0)
      builder (>= 2.1.2)
    highline (1.6.19)
    hike (1.2.3)
    hipchat (1.1.0)
      httparty
    http_parser.rb (0.5.3)
    httparty (0.13.1)
      json (~> 1.8)
      multi_xml (>= 0.5.2)
    httpi (2.0.2)
      rack
    i18n (0.9.3)
      concurrent-ruby (~> 1.0)
    jquery-datatables-rails (2.2.1)
      jquery-rails
      sass-rails
    jquery-rails (4.3.1)
      rails-dom-testing (>= 1, < 3)
      railties (>= 4.2.0)
      thor (>= 0.14, < 2.0)
    json (1.8.6)
    json_spec (1.1.1)
      multi_json (~> 1.0)
      rspec (~> 2.0)
    launchy (2.1.2)
      addressable (~> 2.3)
    libv8 (3.16.14.19)
    listen (1.2.2)
      rb-fsevent (>= 0.9.3)
      rb-inotify (>= 0.9)
      rb-kqueue (>= 0.2)
    loofah (2.1.1)
      crass (~> 1.0.2)
      nokogiri (>= 1.5.9)
    lumberjack (1.0.4)
    mail (2.7.0)
      mini_mime (>= 0.1.1)
    method_source (0.8.1)
    mime-types (3.1)
      mime-types-data (~> 3.2015)
    mime-types-data (3.2016.0521)
    mini_mime (1.0.0)
    mini_portile2 (2.3.0)
    minitest (5.11.1)
    multi_json (1.13.1)
    multi_xml (0.5.5)
    multipart-post (2.0.0)
    mysql2 (0.3.18)
    net-ldap (0.16.1)
    net-scp (1.1.2)
      net-ssh (>= 2.6.5)
    net-sftp (2.1.2)
      net-ssh (>= 2.6.5)
    net-ssh (2.6.8)
    net-ssh-gateway (1.2.0)
      net-ssh (>= 2.6.5)
    newrelic_rpm (3.8.0.218)
    nokogiri (1.8.1)
      mini_portile2 (~> 2.3.0)
    nori (2.1.0)
    orm_adapter (0.5.0)
    paperclip (4.2.4)
      activemodel (>= 3.2.0)
      activesupport (>= 3.2.0)
      cocaine (~> 0.5.5)
      mime-types
    pry (0.9.12.2)
      coderay (~> 1.0.5)
      method_source (~> 0.8)
      slop (~> 3.4)
    pry-rails (0.3.1)
      pry (>= 0.9.10)
    quiet_assets (1.0.2)
      railties (>= 3.1, < 5.0)
    rack (1.6.8)
    rack-mini-profiler (0.10.7)
      rack (>= 1.2.0)
    rack-test (0.6.3)
      rack (>= 1.0)
    rails (4.2.10)
      actionmailer (= 4.2.10)
      actionpack (= 4.2.10)
      actionview (= 4.2.10)
      activejob (= 4.2.10)
      activemodel (= 4.2.10)
      activerecord (= 4.2.10)
      activesupport (= 4.2.10)
      bundler (>= 1.3.0, < 2.0)
      railties (= 4.2.10)
      sprockets-rails
    rails-deprecated_sanitizer (1.0.3)
      activesupport (>= 4.2.0.alpha)
    rails-dom-testing (1.0.9)
      activesupport (>= 4.2.0, < 5.0)
      nokogiri (~> 1.6)
      rails-deprecated_sanitizer (>= 1.0.1)
    rails-html-sanitizer (1.0.3)
      loofah (~> 2.0)
    railties (4.2.10)
      actionpack (= 4.2.10)
      activesupport (= 4.2.10)
      rake (>= 0.8.7)
      thor (>= 0.18.1, < 2.0)
    rake (12.3.0)
    rb-fsevent (0.9.3)
    rb-inotify (0.9.0)
      ffi (>= 0.5.0)
    rb-kqueue (0.2.0)
      ffi (>= 0.5.0)
    rb-readline (0.5.1)
    rdoc (4.0.1)
      json (~> 1.4)
    ref (2.0.0)
    request_store (1.0.8)
    responders (2.3.0)
      railties (>= 4.2.0, < 5.1)
    rspec (2.14.1)
      rspec-core (~> 2.14.0)
      rspec-expectations (~> 2.14.0)
      rspec-mocks (~> 2.14.0)
    rspec-core (2.14.3)
    rspec-expectations (2.14.0)
      diff-lcs (>= 1.1.3, < 2.0)
    rspec-mocks (2.14.1)
    rspec-rails (2.14.0)
      actionpack (>= 3.0)
      activesupport (>= 3.0)
      railties (>= 3.0)
      rspec-core (~> 2.14.0)
      rspec-expectations (~> 2.14.0)
      rspec-mocks (~> 2.14.0)
    rubycas-client (2.3.9)
      activesupport
    rubyzip (0.9.9)
    safe_yaml (0.9.4)
    sass (3.2.9)
    sass-rails (4.0.0)
      railties (>= 4.0.0.beta, < 5.0)
      sass (>= 3.1.10)
      sprockets-rails (~> 2.0.0)
    savon (2.2.0)
      akami (~> 1.2.0)
      builder (>= 2.1.2)
      gyoku (~> 1.0.0)
      httpi (~> 2.0.2)
      nokogiri (>= 1.4.0)
      nori (~> 2.1.0)
      wasabi (~> 3.1.0)
    selenium-webdriver (2.33.0)
      childprocess (>= 0.2.5)
      multi_json (~> 1.0)
      rubyzip
      websocket (~> 1.0.4)
    sextant (0.2.4)
      rails (>= 3.2)
    simple_form (3.0.2)
      actionpack (~> 4.0)
      activemodel (~> 4.0)
    simple_token_authentication (1.15.1)
      actionmailer (>= 3.2.6, < 6)
      actionpack (>= 3.2.6, < 6)
      devise (>= 3.2, < 6)
    slop (3.4.5)
    sort_alphabetical (1.0.1)
      unicode_utils (>= 1.2.2)
    spork (1.0.0rc3)
    sprockets (2.12.4)
      hike (~> 1.2)
      multi_json (~> 1.0)
      rack (~> 1.0)
      tilt (~> 1.1, != 1.3.0)
    sprockets-rails (2.0.1)
      actionpack (>= 3.0)
      activesupport (>= 3.0)
      sprockets (~> 2.8)
    state_machine (1.2.0)
    therubyracer (0.12.3)
      libv8 (~> 3.16.14.15)
      ref
    thor (0.20.0)
    thread_safe (0.3.6)
    tilt (1.4.1)
    timeliness (0.3.7)
    twitter-bootstrap-rails (2.2.7)
      actionpack (>= 3.1)
      execjs
      rails (>= 3.1)
      railties (>= 3.1)
    typhoeus (0.6.9)
      ethon (>= 0.7.1)
    tzinfo (1.2.4)
      thread_safe (~> 0.1)
    uglifier (2.1.2)
      execjs (>= 0.3.0)
      multi_json (~> 1.0, >= 1.0.2)
    unicode_utils (1.4.0)
    uniform_notifier (1.2.0)
    user_agent_parser (2.1.5)
    validates_timeliness (3.0.14)
      timeliness (~> 0.3.6)
    vcr (2.5.0)
    virtus (0.5.5)
      backports (~> 3.3)
      descendants_tracker (~> 0.0.1)
    warden (1.2.6)
      rack (>= 1.0)
    wasabi (3.1.0)
      httpi (~> 2.0)
      nokogiri (>= 1.4.0)
    webmock (1.13.0)
      addressable (>= 2.2.7)
      crack (>= 0.3.2)
    websocket (1.0.7)
    whenever (0.8.2)
      activesupport (>= 2.3.4)
      chronic (>= 0.6.3)
    workflow (0.8.1)
    xml-simple (1.1.4)
    xpath (2.0.0)
      nokogiri (~> 1.3)

PLATFORMS
  ruby

DEPENDENCIES
  acts-as-taggable-on
  addressable
  american_date
  awesome_print
  breach-mitigation-rails
  bullet
  capistrano
  capybara
  coffee-rails
  dalli
  database_cleaner
  devise (~> 3.4.0)
  devise_cas_authenticatable
  draper
  exception_notification (~> 4.0.0)
  excon
  factory_girl (~> 2.6.0)
  factory_girl_rails (~> 1.7.0)
  faker
  faraday (= 0.9.0)
  faraday_middleware
  growl
  growl-rspec
  guard-bundler
  guard-coffeescript
  guard-livereload
  guard-rails
  guard-rspec
  guard-shell
  guard-spork
  hesburgh_assets!
  hesburgh_infrastructure!
  hipchat
  jquery-datatables-rails
  json
  json_spec
  launchy (~> 2.1.0)
  mysql2 (~> 0.3.11)
  net-ldap (~> 0.16.0)
  newrelic_rpm
  paperclip (~> 4.2.2)
  pry-rails
  quiet_assets
  rack-mini-profiler (~> 0.10.1)
  rails (~> 4.2.0)
  rb-fsevent
  rb-readline
  rdoc
  rspec-rails
  rubycas-client
  sass-rails
  savon (= 2.2.0)
  selenium-webdriver
  sextant
  simple_form (~> 3.0.0)
  simple_token_authentication (~> 1.0)
  sort_alphabetical
  spork-rails!
  state_machine
  therubyracer
  typhoeus
  uglifier (>= 1.2.4)
  user_agent_parser
  validates_timeliness (~> 3.0)
  vcr
  virtus
  webmock
  whenever
  workflow (= 0.8.1)
  xml-simple

BUNDLED WITH
   1.16.1
